NUGET
  remote: https://nuget.org/api/v2
  specs:
    FsBlog (1.0.1-alpha)
    Microsoft.AspNet.Razor (3.2.3) - framework: >= net45
    RazorEngine (3.7.3)
      Microsoft.AspNet.Razor (>= 3.0.0) - framework: >= net45
      Microsoft.AspNet.Razor (2.0.30506.0) - framework: net40
